GEM
  remote: https://rubygems.org/
  specs:
    childprocess (3.0.0)
    chunky_png (1.3.11)
    color (1.8)
    diff-lcs (1.4.4)
    mustermann (1.1.1)
      ruby2_keywords (~> 0.0.1)
    os (1.1.0)
    rack (2.2.3)
    rack-protection (2.0.8.1)
      rack
    rack-test (1.1.0)
      rack (>= 1.0, < 3)
    regexp_parser (1.7.1)
    rqrcode (1.1.2)
      chunky_png (~> 1.0)
      rqrcode_core (~> 0.1)
    rqrcode_core (0.1.2)
    rspec (3.9.0)
      rspec-core (~> 3.9.0)
      rspec-expectations (~> 3.9.0)
      rspec-mocks (~> 3.9.0)
    rspec-core (3.9.2)
      rspec-support (~> 3.9.3)
    rspec-expectations (3.9.2)
      diff-lcs (>= 1.2.0, < 2.0)
      rspec-support (~> 3.9.0)
    rspec-mocks (3.9.1)
      diff-lcs (>= 1.2.0, < 2.0)
      rspec-support (~> 3.9.0)
    rspec-support (3.9.3)
    ruby2_keywords (0.0.2)
    rubyzip (2.3.0)
    selenium-webdriver (3.142.7)
      childprocess (>= 0.5, < 4.0)
      rubyzip (>= 1.2.2)
    sinatra (2.0.8.1)
      mustermann (~> 1.0)
      rack (~> 2.0)
      rack-protection (= 2.0.8.1)
      tilt (~> 2.0)
    tilt (2.0.10)
    uri-query_params (0.7.1)
    watir (6.16.5)
      regexp_parser (~> 1.2)
      selenium-webdriver (~> 3.6)
    yeelight-lamp-client (0.1.0)

PLATFORMS
  ruby

DEPENDENCIES
  color (~> 1.8)
  os (~> 1.1.0)
  rack-test
  rqrcode (~> 1.1)
  rspec
  sinatra (~> 2.0.8)
  uri-query_params (~> 0.7.1)
  watir (~> 6.1)
  yeelight-lamp-client (~> 0.1.0)

BUNDLED WITH
   1.17.2
